##TITLE= Parameter file, TOPSPIN		Version 3.2
##JCAMPDX= 5.0
##DATATYPE= Parameter Values
##NPOINTS= 1	$$ modification sequence number
##ORIGIN= Bruker BioSpin GmbH
##OWNER= nmrsu
$$ 2018-04-13 16:19:20.029 -0500  nmrsu@vader7002
$$ /opt/topspin3.0/data/nmrsu/nmr/Gopinath-040918-NAVL/10/pdata/1/proc
$$ process /opt/topspin3.2.6/prog/mod/dirdata
##$ABSF1= 93.32071
##$ABSF2= 46.57924
##$ABSG= 5
##$ABSL= 3
##$ALPHA= 0
##$AQORDER= 0
##$ASSFAC= 0
##$ASSFACI= 0
##$ASSFACX= 0
##$ASSWID= 0
##$AUNMP= <proc_1d>
##$AXLEFT= 0
##$AXNAME= <F2>
##$AXNUC= <off>
##$AXRIGHT= 0
##$AXTYPE= 0
##$AXUNIT= <>
##$AZFE= 0.1
##$AZFW= 0.5
##$BCFW= 1
##$BC_mod= 2
##$BYTORDP= 0
##$COROFFS= 0
##$CY= 100
##$DATMOD= 1
##$DC= 1
##$DFILT= <>
##$DTYPP= 0
##$ERETIC= no
##$F1P= 91.1900379843576
##$F2P= 48.7037702871001
##$FCOR= 0.5
##$FTSIZE= 16384
##$FT_mod= 6
##$GAMMA= 1
##$GB= 0
##$INTBC= 1
##$INTSCL= 1
##$ISEN= 128
##$LB= 100
##$LEV0= 0
##$LPBIN= 0
##$MAXI= 50
##$MC2= 0
##$MEAN= 0
##$ME_mod= 0
##$MI= 0
##$MddCEXP= no
##$MddCT_SP= no
##$MddF180= no
##$MddLAMBDA= 0
##$MddMEMORY= 0
##$MddMERGE= 0
##$MddNCOMP= 0
##$MddNITER= 0
##$MddNOISE= 0
##$MddPHASE= 0
##$MddSEED= 0
##$MddSRSIZE= 0
##$Mdd_CsALG= 0
##$Mdd_CsLAMBDA= 0
##$Mdd_CsNITER= 0
##$Mdd_CsNORM= 0
##$Mdd_CsZF= 0
##$Mdd_mod= 0
##$NCOEF= 64
##$NC_proc= 0
##$NLEV= 6
##$NOISF1= 300
##$NOISF2= 100
##$NSP= 4
##$NTH_PI= 0
##$NZP= 1
##$OFFSET= 383.9326
##$PC= 1
##$PHC0= 149.627
##$PHC1= -378.733
##$PH_mod= 1
##$PKNL= yes
##$PPARMOD= 1
##$PPDIAG= 0
##$PPIPTYP= 0
##$PPMPNUM= 2147483647
##$PPRESOL= 1
##$PSCAL= 0
##$PSIGN= 0
##$PYNMP= <proc.py>
##$REVERSE= no
##$SF= 176.098119001552
##$SI= 16384
##$SIGF1= 80
##$SIGF2= 40
##$SINO= 0
##$SIOLD= 16384
##$SPECTYP= <>
##$SREGLST= <13C.None>
##$SSB= 0
##$STSI= 0
##$STSR= 0
##$SW_p= 100000
##$SYMM= 0
##$S_DEV= 0
##$TDeff= 0
##$TDoff= 0
##$TI= <>
##$TILT= no
##$TM1= 0
##$TM2= 0
##$TOPLEV= 0
##$USERP1= <>
##$USERP2= <>
##$USERP3= <>
##$USERP4= <>
##$USERP5= <>
##$WDW= 1
##$XDIM= 0
##$YMAX_p= 0
##$YMIN_p= 0
##END=
