##TITLE= Parameter file, TOPSPIN		Version 3.2
##JCAMPDX= 5.0
##DATATYPE= Parameter Values
##NPOINTS= 11963	$$ modification sequence number
##ORIGIN= Bruker BioSpin GmbH
##OWNER= nmrsu
$$ 2018-04-09 15:56:20.179 -0500  nmrsu@vader7002
$$ /opt/topspin3.2.6/conf/instr/spect/specpar
$$ process /opt/topspin3.2.6/prog/mod/cprserver
##$HPPRECH= (0..15)
-1 -1 -1 -1 -1 -1 -1 -1 -1 -1 -1 -1 -1 -1 -1 -1
##$NUC1= 1
##$NUC2= 0
##$NUC3= 0
##$NUC4= 0
##$NUC5= 0
##$NUC6= 0
##$NUC7= 0
##$NUC8= 0
##$NUCARR= (0..123)
700.33 700.33 107.504919 746.999809 533.507451 103.061165 272.17483 98.409062
75.24106 224.693695 176.098119 50.591034 70.963823 94.939935 658.968587
55.286123 185.250591 42.871646 182.484001 139.135871 283.49878 53.757331
68.617696 57.116989 32.68001 17.937587 47.132412 170.122392 39.481342 39.491868
69.825065 184.207436 39.586125 173.60633 22.675131 166.167817 62.581846
185.695812 198.919583 43.818268 168.088682 213.577567 24.429716 119.914803
133.563527 36.541272 175.460538 189.134748 26.945897 67.616462 229.151155
30.351056 34.317557 65.104764 171.413961 45.639988 46.597822 157.632559
32.251254 36.146616 22.315644 32.047801 28.348091 32.590088 148.578371
155.425462 153.132442 153.460715 229.139215 249.543399 261.157483 167.59301
90.757284 183.274554 220.952497 140.118427 194.763076 57.734652 91.856277
69.573983 77.827169 92.403641 98.926102 214.441046 38.167985 23.531088
29.203761 24.091352 174.102038 76.896234 21.500131 28.223299 168.359332
24.091352 33.755906 149.450422 20.169504 58.057357 122.55289 33.762909
79.865633 56.943832 28.062223 17.627306 83.966766 29.178458 157.746531
159.33628 15.983849 54.383426 12.031669 13.103174 150.548427 12.108706
125.43486 46.302899 400.050907 403.977223 146.513231 112.538045 12.895877
100 100 100
##$OFFSF= (0..7)
0 0 0 0 0 0 0 0
##$OFFSH= (0..7)
3291.60000001139 3292.29999999825 700.999999935448 0 0 0 0 0
##$OFFSX= (0..7)
11050.0000000116 8834.6999999942 781.599999996274 0 0 0 0 0
##$PRECHAN= (0..15)
-1 2 0 -1 4 1 -1 -1 -1 -1 -1 -1 -1 -1 -1 -1
##$RECPRE= (0..15)
-1 0 -1 -1 -1 -1 -1 -1 -1 -1 -1 -1 -1 -1 -1 -1
##$RECSEL= (0..15)
0 0 0 0 1 0 0 0 0 0 0 0 0 0 0 0
##$SELREC= (0..9)
0 0 0 0 0 0 0 0 0 0
##$SFO1= 700.333292
##$SFO2= 700.33
##$SFO3= 700.33
##$SFO4= 700.33
##$SFO5= 700.335635
##$SFO6= 700.335635
##$SFO7= 700.335635
##$SFO8= 700.335635
##END=
